GIT
  remote: git://github.com/cloudfoundry/cf.git
  revision: ae2e31a66c0460f613a8b3744acad2d18b4b8271
  specs:
    cf (0.6.1.rc11)
      addressable (~> 2.2)
      caldecott-client (~> 0.0.2)
      cfoundry (>= 0.7.0.rc4, < 0.8)
      interact (~> 0.5)
      json_pure (~> 1.6)
      mothership (>= 0.5.1, < 1.0)
      multi_json (~> 1.3)
      rest-client (~> 1.6)
      uuidtools (~> 2.1)

GIT
  remote: git://github.com/cloudfoundry/cfoundry.git
  revision: 6a02d55135844dfe469c8325b5d311bed46c30a2
  submodules: true
  specs:
    cfoundry (0.7.0.rc4)
      cf-uaa-lib (~> 1.3.10)
      multi_json (~> 1.3)
      multipart-post (~> 1.1)
      rubyzip (~> 0.9)

GEM
  remote: http://rubygems.org/
  specs:
    addressable (2.3.3)
    blue-shell (0.0.3)
      rspec
    caldecott-client (0.0.2)
      multi_json (~> 1.3)
    cf-uaa-lib (1.3.10)
      multi_json
    crack (0.3.2)
    diff-lcs (1.1.3)
    fakefs (0.4.2)
    interact (0.5.2)
    json_pure (1.7.7)
    mime-types (1.22)
    mothership (0.5.1)
    multi_json (1.7.2)
    multipart-post (1.2.0)
    rake (10.0.3)
    rest-client (1.6.7)
      mime-types (>= 1.16)
    rr (1.0.4)
    rspec (2.12.0)
      rspec-core (~> 2.12.0)
      rspec-expectations (~> 2.12.0)
      rspec-mocks (~> 2.12.0)
    rspec-core (2.12.2)
    rspec-expectations (2.12.1)
      diff-lcs (~> 1.1.3)
    rspec-mocks (2.12.2)
    rubyzip (0.9.9)
    uuidtools (2.1.3)
    webmock (1.9.0)
      addressable (>= 2.2.7)
      crack (>= 0.1.7)

PLATFORMS
  ruby

DEPENDENCIES
  blue-shell
  cf!
  cfoundry!
  fakefs
  rake
  rr (~> 1.0)
  rspec (~> 2.11)
  webmock (~> 1.9)
