GIT
  remote: git://github.com/cloudfoundry/cf.git
  revision: f4a80e56c1744e583908e13c6cf0076819f4ddad
  specs:
    cf (2.1.0)
      addressable (~> 2.2)
      caldecott-client (~> 0.0.2)
      cfoundry (>= 2.1.0, < 3.0)
      interact (~> 0.5)
      json_pure (~> 1.6)
      mothership (>= 0.5.1, < 1.0)
      multi_json (~> 1.3)
      rest-client (~> 1.6)
      uuidtools (~> 2.1)

GIT
  remote: git://github.com/cloudfoundry/cfoundry.git
  revision: 2342e7f7d22e90e37ef819b33940abaa45a17d69
  submodules: true
  specs:
    cfoundry (2.1.0)
      activemodel (~> 3.2.13)
      cf-uaa-lib (~> 1.3.10)
      multi_json (~> 1.7)
      multipart-post (~> 1.1)
      rubyzip (~> 0.9)

GEM
  remote: http://rubygems.org/
  specs:
    activemodel (3.2.13)
      activesupport (= 3.2.13)
      builder (~> 3.0.0)
    activesupport (3.2.13)
      i18n (= 0.6.1)
      multi_json (~> 1.0)
    addressable (2.3.4)
    blue-shell (0.0.3)
      rspec
    builder (3.0.4)
    caldecott-client (0.0.2)
      multi_json (~> 1.3)
    cf-uaa-lib (1.3.10)
      multi_json
    crack (0.3.2)
    diff-lcs (1.1.3)
    factory_girl (4.2.0)
      activesupport (>= 3.0.0)
    fakefs (0.4.2)
    i18n (0.6.1)
    interact (0.5.2)
    json_pure (1.8.0)
    mime-types (1.23)
    mothership (0.5.1)
    multi_json (1.7.6)
    multipart-post (1.2.0)
    rake (10.0.3)
    rest-client (1.6.7)
      mime-types (>= 1.16)
    rspec (2.12.0)
      rspec-core (~> 2.12.0)
      rspec-expectations (~> 2.12.0)
      rspec-mocks (~> 2.12.0)
    rspec-core (2.12.2)
    rspec-expectations (2.12.1)
      diff-lcs (~> 1.1.3)
    rspec-mocks (2.12.2)
    rubyzip (0.9.9)
    uuidtools (2.1.4)
    webmock (1.9.0)
      addressable (>= 2.2.7)
      crack (>= 0.1.7)

PLATFORMS
  ruby

DEPENDENCIES
  blue-shell
  cf!
  cfoundry!
  factory_girl
  fakefs
  rake
  rspec (~> 2.11)
  webmock (~> 1.9)
